GEM
  remote: https://rubygems.org/
  specs:
    jekyll-paginate (1.1.0)
    rake (13.0.6)
    webrick (1.7.0)

PLATFORMS
  arm64-darwin-21
  arm64-darwin-22
  x86_64-darwin-20
  x86_64-linux

DEPENDENCIES
  jekyll-paginate
  rake
  webrick

BUNDLED WITH
   2.3.7
